GEM
  remote: https://rubygems.org/
  specs:
    rack (3.0.9)
    rulers (0.1.0)
      rack

PLATFORMS
  ruby
  x86_64-linux

DEPENDENCIES
  rulers

BUNDLED WITH
   2.5.1
